GEM
  remote: https://rubygems.org/
  specs:
    ast (2.4.2)
    parser (3.3.6.0)
      ast (~> 2.4.1)
      racc
    racc (1.8.1)

PLATFORMS
  arm64-darwin-23
  ruby

DEPENDENCIES
  parser

BUNDLED WITH
   2.5.11
